GEM
  remote: https://rubygems.org/
  specs:
    actionmailer (3.2.14)
      actionpack (= 3.2.14)
      mail (~> 2.5.4)
    actionpack (3.2.14)
      activemodel (= 3.2.14)
      activesupport (= 3.2.14)
      builder (~> 3.0.0)
      erubis (~> 2.7.0)
      journey (~> 1.0.4)
      rack (~> 1.4.5)
      rack-cache (~> 1.2)
      rack-test (~> 0.6.1)
      sprockets (~> 2.2.1)
    activemodel (3.2.14)
      activesupport (= 3.2.14)
      builder (~> 3.0.0)
    activerecord (3.2.14)
      activemodel (= 3.2.14)
      activesupport (= 3.2.14)
      arel (~> 3.0.2)
      tzinfo (~> 0.3.29)
    activeresource (3.2.14)
      activemodel (= 3.2.14)
      activesupport (= 3.2.14)
    activesupport (3.2.14)
      i18n (~> 0.6, >= 0.6.4)
      multi_json (~> 1.0)
    annotate (2.5.0)
      rake
    arel (3.0.2)
    atomic (1.1.14)
    bcrypt-ruby (3.1.2)
<<<<<<< HEAD
    better_errors (1.0.1)
      coderay (>= 1.0.0)
      erubis (>= 2.6.6)
    binding_of_caller (0.7.2)
      debug_inspector (>= 0.0.1)
    builder (3.0.4)
    callsite (0.0.11)
    capybara (2.1.0)
      mime-types (>= 1.16)
      nokogiri (>= 1.3.3)
      rack (>= 1.0.0)
      rack-test (>= 0.5.4)
      xpath (~> 2.0)
=======
    builder (3.0.4)
<<<<<<< HEAD
>>>>>>> 4c7baf688fed0bc1dcc8a3dcbacefce88097bac9
=======
>>>>>>> 8f492ab244ab2629e4ecd5bd2d7377b028fc446c
>>>>>>> chore/test_scripts
    coderay (1.0.9)
    coffee-rails (3.2.2)
      coffee-script (>= 2.2.0)
      railties (~> 3.2.0)
    coffee-script (2.2.0)
      coffee-script-source
      execjs
    coffee-script-source (1.6.3)
<<<<<<< HEAD
    database_cleaner (1.2.0)
    debug_inspector (0.0.2)
=======
<<<<<<< HEAD
>>>>>>> 4c7baf688fed0bc1dcc8a3dcbacefce88097bac9
=======
>>>>>>> 8f492ab244ab2629e4ecd5bd2d7377b028fc446c
>>>>>>> chore/test_scripts
    devise (3.2.0)
      bcrypt-ruby (~> 3.0)
      orm_adapter (~> 0.1)
      railties (>= 3.2.6, < 5)
      thread_safe (~> 0.1)
      warden (~> 1.2.3)
<<<<<<< HEAD
    diff-lcs (1.2.4)
=======
>>>>>>> 8f492ab244ab2629e4ecd5bd2d7377b028fc446c
    erubis (2.7.0)
    execjs (2.0.2)
    factory_girl (4.3.0)
      activesupport (>= 3.0.0)
    factory_girl_rails (4.3.0)
      factory_girl (~> 4.3.0)
      railties (>= 3.0.0)
    faker (1.2.0)
      i18n (~> 0.5)
=======
    erubis (2.7.0)
    execjs (2.0.2)
    faraday (0.8.8)
      multipart-post (~> 1.2.0)
>>>>>>> 4c7baf688fed0bc1dcc8a3dcbacefce88097bac9
    haml (4.0.4)
      tilt
    haml-rails (0.4)
      actionpack (>= 3.1, < 4.1)
      activesupport (>= 3.1, < 4.1)
      haml (>= 3.1, < 4.1)
      railties (>= 3.1, < 4.1)
    hashie (2.0.5)
    hike (1.2.3)
    httpauth (0.2.0)
    i18n (0.6.5)
    journey (1.0.4)
    jquery-rails (3.0.4)
      railties (>= 3.0, < 5.0)
      thor (>= 0.14, < 2.0)
    json (1.8.1)
    jwt (0.1.8)
      multi_json (>= 1.5)
    mail (2.5.4)
      mime-types (~> 1.16)
      treetop (~> 1.4.8)
<<<<<<< HEAD
    meta_request (0.2.8)
      callsite
      rack-contrib
      railties
=======
<<<<<<< HEAD
>>>>>>> 4c7baf688fed0bc1dcc8a3dcbacefce88097bac9
=======
>>>>>>> 8f492ab244ab2629e4ecd5bd2d7377b028fc446c
>>>>>>> chore/test_scripts
    method_source (0.8.2)
    mime-types (1.25)
    mini_portile (0.5.2)
    multi_json (1.8.2)
<<<<<<< HEAD
    nokogiri (1.6.0)
      mini_portile (~> 0.5.0)
    orm_adapter (0.4.0)
=======
<<<<<<< HEAD
    multipart-post (1.2.0)
    oauth2 (0.8.1)
      faraday (~> 0.8)
      httpauth (~> 0.1)
      jwt (~> 0.1.4)
      multi_json (~> 1.0)
      rack (~> 1.2)
    omniauth (1.1.4)
      hashie (>= 1.2, < 3)
      rack
    omniauth-google-oauth2 (0.2.1)
      omniauth (~> 1.0)
      omniauth-oauth2
    omniauth-oauth2 (1.1.1)
      oauth2 (~> 0.8.0)
      omniauth (~> 1.0)
    orm_adapter (0.5.0)
>>>>>>> 4c7baf688fed0bc1dcc8a3dcbacefce88097bac9
=======
    orm_adapter (0.5.0)
>>>>>>> 8f492ab244ab2629e4ecd5bd2d7377b028fc446c
>>>>>>> chore/test_scripts
    pg (0.17.0)
    polyglot (0.3.3)
    pry (0.9.12.2)
      coderay (~> 1.0.5)
      method_source (~> 0.8)
      slop (~> 3.4)
    pry-rails (0.3.2)
      pry (>= 0.9.10)
<<<<<<< HEAD
    quiet_assets (1.0.2)
      railties (>= 3.1, < 5.0)
=======
<<<<<<< HEAD
>>>>>>> 4c7baf688fed0bc1dcc8a3dcbacefce88097bac9
=======
>>>>>>> 8f492ab244ab2629e4ecd5bd2d7377b028fc446c
>>>>>>> chore/test_scripts
    rack (1.4.5)
    rack-cache (1.2)
      rack (>= 0.4)
    rack-contrib (1.1.0)
      rack (>= 0.9.1)
    rack-ssl (1.3.3)
      rack
    rack-test (0.6.2)
      rack (>= 1.0)
    rails (3.2.14)
      actionmailer (= 3.2.14)
      actionpack (= 3.2.14)
      activerecord (= 3.2.14)
      activeresource (= 3.2.14)
      activesupport (= 3.2.14)
      bundler (~> 1.0)
      railties (= 3.2.14)
    railties (3.2.14)
      actionpack (= 3.2.14)
      activesupport (= 3.2.14)
      rack-ssl (~> 1.3.2)
      rake (>= 0.8.7)
      rdoc (~> 3.4)
      thor (>= 0.14.6, < 2.0)
    rake (10.1.0)
    rdoc (3.12.2)
      json (~> 1.4)
    rspec-core (2.14.6)
    rspec-expectations (2.14.3)
      diff-lcs (>= 1.1.3, < 2.0)
    rspec-mocks (2.14.4)
    rspec-rails (2.14.0)
      actionpack (>= 3.0)
      activesupport (>= 3.0)
      railties (>= 3.0)
      rspec-core (~> 2.14.0)
      rspec-expectations (~> 2.14.0)
      rspec-mocks (~> 2.14.0)
    sass (3.2.12)
    sass-rails (3.2.6)
      railties (~> 3.2.0)
      sass (>= 3.1.10)
      tilt (~> 1.3)
<<<<<<< HEAD
    shoulda-matchers (2.4.0)
      activesupport (>= 3.0.0)
=======
<<<<<<< HEAD
>>>>>>> 4c7baf688fed0bc1dcc8a3dcbacefce88097bac9
=======
>>>>>>> 8f492ab244ab2629e4ecd5bd2d7377b028fc446c
>>>>>>> chore/test_scripts
    slop (3.4.6)
    sprockets (2.2.2)
      hike (~> 1.2)
      multi_json (~> 1.0)
      rack (~> 1.0)
      tilt (~> 1.1, != 1.3.0)
    thor (0.18.1)
    thread_safe (0.1.3)
      atomic
    tilt (1.4.1)
    treetop (1.4.15)
      polyglot
      polyglot (>= 0.3.1)
    tzinfo (0.3.38)
    uglifier (2.3.1)
      execjs (>= 0.3.0)
      json (>= 1.8.0)
    warden (1.2.3)
      rack (>= 1.0)
<<<<<<< HEAD
    xpath (2.0.0)
      nokogiri (~> 1.3)
=======
<<<<<<< HEAD
>>>>>>> 4c7baf688fed0bc1dcc8a3dcbacefce88097bac9
=======
>>>>>>> 8f492ab244ab2629e4ecd5bd2d7377b028fc446c
>>>>>>> chore/test_scripts

PLATFORMS
  ruby

DEPENDENCIES
  annotate
  better_errors
  binding_of_caller
  capybara
  coffee-rails (~> 3.2.1)
<<<<<<< HEAD
  database_cleaner
  devise
  factory_girl_rails
  faker
=======
  devise
>>>>>>> 8f492ab244ab2629e4ecd5bd2d7377b028fc446c
  haml-rails
  jquery-rails
  meta_request
  pg
  pry-rails
<<<<<<< HEAD
  quiet_assets
=======
<<<<<<< HEAD
  devise
  haml-rails
  jquery-rails
  omniauth-google-oauth2
  pg
  pry-rails
>>>>>>> 4c7baf688fed0bc1dcc8a3dcbacefce88097bac9
=======
>>>>>>> 8f492ab244ab2629e4ecd5bd2d7377b028fc446c
>>>>>>> chore/test_scripts
  rails (= 3.2.14)
  rspec-rails
  sass-rails (~> 3.2.3)
  shoulda-matchers
  uglifier (>= 1.0.3)
